GEM
  specs:
    date (3.3.3)
    mail (2.8.1)
      mini_mime (>= 0.1.1)
      net-imap
      net-pop
      net-smtp
    mini_mime (1.1.2)
    mustermann (3.0.0)
      ruby2_keywords (~> 0.0.1)
    net-imap (0.3.4)
      date
      net-protocol
    net-pop (0.1.2)
      net-protocol
    net-protocol (0.2.1)
      timeout
    net-smtp (0.3.3)
      net-protocol
    pony (1.13.1)
      mail (>= 2.0)
    rack (2.2.6.4)
    rack-protection (3.0.6)
      rack
    ruby2_keywords (0.0.5)
    sinatra (3.0.6)
      mustermann (~> 3.0)
      rack (~> 2.2, >= 2.2.4)
      rack-protection (= 3.0.6)
      tilt (~> 2.0)
    tilt (2.1.0)
    timeout (0.3.2)

PLATFORMS
  x86_64-linux

DEPENDENCIES
  pony
  sinatra

BUNDLED WITH
   2.4.10
